GEM
  remote: https://rubygems.org/
  specs:
    puma (2.10.2)
      rack (>= 1.1, < 2.0)
    rack (1.5.2)
    roda (1.1.0)
      rack
    rugged (0.21.2)

PLATFORMS
  ruby

DEPENDENCIES
  puma
  roda
  rugged
